GIT
  remote: git://github.com/milgner/compass-rails.git
  revision: c86e7fd9c2605c80816a2f64a3fb8b7c3a09e494
  branch: rails4
  specs:
    compass-rails (1.0.3)
      compass (>= 0.12.2, < 0.14)

GEM
  remote: https://rubygems.org/
  specs:
    actionmailer (4.0.0)
      actionpack (= 4.0.0)
      mail (~> 2.5.3)
    actionpack (4.0.0)
      activesupport (= 4.0.0)
      builder (~> 3.1.0)
      erubis (~> 2.7.0)
      rack (~> 1.5.2)
      rack-test (~> 0.6.2)
    activemodel (4.0.0)
      activesupport (= 4.0.0)
      builder (~> 3.1.0)
    activerecord (4.0.0)
      activemodel (= 4.0.0)
      activerecord-deprecated_finders (~> 1.0.2)
      activesupport (= 4.0.0)
      arel (~> 4.0.0)
    activerecord-deprecated_finders (1.0.3)
    activesupport (4.0.0)
      i18n (~> 0.6, >= 0.6.4)
      minitest (~> 4.2)
      multi_json (~> 1.3)
      thread_safe (~> 0.1)
      tzinfo (~> 0.3.37)
    addressable (2.3.5)
    airbrake (3.1.12)
      activesupport
      builder
      json
    arel (4.0.0)
    atomic (1.1.10)
    awesome_print (1.1.0)
    bcrypt-ruby (3.1.1)
    better_errors (0.9.0)
      coderay (>= 1.0.0)
      erubis (>= 2.6.6)
    binding_of_caller (0.7.2)
      debug_inspector (>= 0.0.1)
    bootstrap-sass (2.3.2.1)
      sass (~> 3.2)
    builder (3.1.4)
    call-me (0.0.2.3)
      refining
    cancan (1.6.10)
    capistrano (2.15.5)
      highline
      net-scp (>= 1.0.0)
      net-sftp (>= 2.0.0)
      net-ssh (>= 2.0.14)
      net-ssh-gateway (>= 1.1.0)
    capistrano-ext (1.2.1)
      capistrano (>= 1.0.0)
    capistrano_colors (0.5.5)
    chunky_png (1.2.8)
    coderay (1.0.9)
    coffee-rails (4.0.0)
      coffee-script (>= 2.2.0)
      railties (>= 4.0.0.beta, < 5.0)
    coffee-script (2.2.0)
      coffee-script-source
      execjs
    coffee-script-source (1.6.3)
    compass (0.12.2)
      chunky_png (~> 1.2)
      fssm (>= 0.2.7)
      sass (~> 3.1)
    daemon_controller (1.1.4)
    database_cleaner (1.0.1)
    debug_inspector (0.0.2)
    devise (3.0.0)
      bcrypt-ruby (~> 3.0)
      orm_adapter (~> 0.1)
      railties (>= 3.2.6, < 5)
      warden (~> 1.2.3)
    diff-lcs (1.2.4)
    email_spec (1.5.0)
      launchy (~> 2.1)
      mail (~> 2.2)
    erubis (2.7.0)
    execjs (1.4.0)
      multi_json (~> 1.0)
    fabrication (2.7.2)
    ffi (1.9.0)
    ffi-extra (0.1.0)
      ffi
    ffi-inline (0.0.4.3)
      ffi (>= 0.4.0)
    figaro (0.7.0)
      bundler (~> 1.0)
      rails (>= 3, < 5)
    foreigner (1.4.2)
      activerecord (>= 3.0.0)
    formatador (0.2.4)
    fssm (0.2.10)
    guard (1.8.1)
      formatador (>= 0.2.4)
      listen (>= 1.0.0)
      lumberjack (>= 1.0.2)
      pry (>= 0.9.10)
      thor (>= 0.14.6)
    guard-bundler (1.0.0)
      bundler (~> 1.0)
      guard (~> 1.1)
    guard-rails (0.4.7)
      guard (>= 0.2.2)
    guard-rspec (3.0.2)
      guard (>= 1.8)
      rspec (~> 2.13)
    haml (4.0.3)
      tilt
    haml2slim (0.4.7)
      haml (>= 3.0)
      nokogiri
      ruby_parser
    highline (1.6.19)
    hike (1.2.3)
    hpricot (0.8.6)
    html2haml (1.0.1)
      erubis (~> 2.7.0)
      haml (>= 4.0.0.rc.1)
      hpricot (~> 0.8.6)
      ruby_parser (~> 3.1.1)
    i18n (0.6.4)
    iso-639 (0.1.0)
    jbuilder (1.4.2)
      activesupport (>= 3.0.0)
      multi_json (>= 1.2.0)
    jquery-rails (3.0.4)
      railties (>= 3.0, < 5.0)
      thor (>= 0.14, < 2.0)
    json (1.8.0)
    launchy (2.3.0)
      addressable (~> 2.3)
    listen (1.2.2)
      rb-fsevent (>= 0.9.3)
      rb-inotify (>= 0.9)
      rb-kqueue (>= 0.2)
    lumberjack (1.0.4)
    mail (2.5.4)
      mime-types (~> 1.16)
      treetop (~> 1.4.8)
    method_source (0.8.1)
    mime-types (1.23)
    mini_portile (0.5.1)
    minitest (4.7.5)
    multi_json (1.7.7)
    net-scp (1.1.2)
      net-ssh (>= 2.6.5)
    net-sftp (2.1.2)
      net-ssh (>= 2.6.5)
    net-ssh (2.6.8)
    net-ssh-gateway (1.2.0)
      net-ssh (>= 2.6.5)
    nokogiri (1.6.0)
      mini_portile (~> 0.5.0)
    orm_adapter (0.4.0)
    passenger (4.0.10)
      daemon_controller (>= 1.1.0)
      rack
      rake (>= 0.8.1)
    pg (0.16.0)
    polyglot (0.3.3)
    pry (0.9.12.2)
      coderay (~> 1.0.5)
      method_source (~> 0.8)
      slop (~> 3.4)
    quiet_assets (1.0.2)
      railties (>= 3.1, < 5.0)
    rack (1.5.2)
    rack-test (0.6.2)
      rack (>= 1.0)
    rails (4.0.0)
      actionmailer (= 4.0.0)
      actionpack (= 4.0.0)
      activerecord (= 4.0.0)
      activesupport (= 4.0.0)
      bundler (>= 1.3.0, < 2.0)
      railties (= 4.0.0)
      sprockets-rails (~> 2.0.0)
    railties (4.0.0)
      actionpack (= 4.0.0)
      activesupport (= 4.0.0)
      rake (>= 0.8.7)
      thor (>= 0.18.1, < 2.0)
    rake (10.1.0)
    rb-fchange (0.0.6)
      ffi
    rb-fsevent (0.9.3)
    rb-inotify (0.9.0)
      ffi (>= 0.5.0)
    rb-kqueue (0.2.0)
      ffi (>= 0.5.0)
    refining (0.0.5.5)
    rolify (3.2.0)
    rspec (2.14.1)
      rspec-core (~> 2.14.0)
      rspec-expectations (~> 2.14.0)
      rspec-mocks (~> 2.14.0)
    rspec-core (2.14.4)
    rspec-expectations (2.14.0)
      diff-lcs (>= 1.1.3, < 2.0)
    rspec-mocks (2.14.1)
    rspec-rails (2.14.0)
      actionpack (>= 3.0)
      activesupport (>= 3.0)
      railties (>= 3.0)
      rspec-core (~> 2.14.0)
      rspec-expectations (~> 2.14.0)
      rspec-mocks (~> 2.14.0)
    ruby_parser (3.1.3)
      sexp_processor (~> 4.1)
    rvm-capistrano (1.4.1)
      capistrano (>= 2.0.0)
    sass (3.2.9)
    sass-rails (4.0.0)
      railties (>= 4.0.0.beta, < 5.0)
      sass (>= 3.1.10)
      sprockets-rails (~> 2.0.0)
    sexp_processor (4.2.1)
    shoulda-matchers (2.2.0)
      activesupport (>= 3.0.0)
    simple_form (3.0.0.rc)
      actionpack (>= 4.0.0.rc1, < 4.1)
      activemodel (>= 4.0.0.rc1, < 4.1)
    slim (2.0.0)
      temple (~> 0.6.5)
      tilt (~> 1.3, >= 1.3.3)
    slim-rails (2.0.1)
      actionpack (>= 3.0, < 4.1)
      activesupport (>= 3.0, < 4.1)
      railties (>= 3.0, < 4.1)
      slim (~> 2.0)
    slop (3.4.6)
    sprockets (2.10.0)
      hike (~> 1.2)
      multi_json (~> 1.0)
      rack (~> 1.0)
      tilt (~> 1.1, != 1.3.0)
    sprockets-rails (2.0.0)
      actionpack (>= 3.0)
      activesupport (>= 3.0)
      sprockets (~> 2.8)
    temple (0.6.5)
    tesseract-ocr (0.1.5)
      call-me
      ffi-extra
      ffi-inline
      iso-639
    thor (0.18.1)
    thread_safe (0.1.2)
      atomic
    tilt (1.4.1)
    treetop (1.4.14)
      polyglot
      polyglot (>= 0.3.1)
    turbolinks (1.3.0)
      coffee-rails
    tzinfo (0.3.37)
    uglifier (2.1.2)
      execjs (>= 0.3.0)
      multi_json (~> 1.0, >= 1.0.2)
    warden (1.2.3)
      rack (>= 1.0)

PLATFORMS
  ruby

DEPENDENCIES
  airbrake
  awesome_print
  better_errors
  binding_of_caller
  bootstrap-sass
  cancan
  capistrano
  capistrano-ext
  capistrano_colors
  coffee-rails (~> 4.0.0)
  compass-rails!
  database_cleaner
  devise
  email_spec
  fabrication
  figaro
  foreigner
  guard-bundler
  guard-rails
  guard-rspec
  haml2slim
  html2haml
  jbuilder (~> 1.2)
  jquery-rails
  passenger
  pg
  quiet_assets
  rails (= 4.0.0)
  rb-fchange
  rb-fsevent
  rb-inotify
  rolify
  rspec-rails
  rvm-capistrano
  sass-rails (~> 4.0.0)
  shoulda-matchers
  simple_form (>= 3.0.0.rc)
  slim
  slim-rails
  tesseract-ocr
  turbolinks
  uglifier (>= 1.3.0)
